GEM
  remote: https://rubygems.org/
  specs:
    digest (3.2.0)
    json (2.15.0)
    net-http (0.6.0)
      uri
    source_license_sdk (1.0.0)
      digest (~> 3.0)
      json (~> 2.0)
      net-http (~> 0.1)
    uri (1.0.3)

PLATFORMS
  x64-mingw-ucrt

DEPENDENCIES
  source_license_sdk (~> 1.0)

BUNDLED WITH
   2.7.2
